GEM
  remote: https://rubygems.org/
  specs:
    mysql (2.9.1)
    rake (10.3.1)
    rake-compiler (0.9.2)
      rake
    rb-appscript (0.6.1)
    rdiscount (2.1.7.1)
    rmagick (2.13.2)
    yard (0.8.7.4)

PLATFORMS
  ruby

DEPENDENCIES
  mysql
  rake
  rake-compiler
  rb-appscript
  rdiscount
  rmagick
  yard
